GEM
  remote: https://rubygems.org/
  specs:
    concurrent-ruby (1.1.5)
    eventmachine (1.2.7)
    eventmachine (1.2.7-x86-mingw32)
    faraday (0.15.4)
      multipart-post (>= 1.2, < 3)
    faye-websocket (0.10.9)
      eventmachine (>= 0.12.0)
      websocket-driver (>= 0.5.1)
    has-guarded-handlers (1.6.3)
    jwt (2.2.1)
    localtunnel (1.0.3)
    logger (1.3.0)
    mini_portile2 (2.8.0)
    multipart-post (2.1.1)
    nokogiri (1.13.4)
      mini_portile2 (~> 2.8.0)
      racc (~> 1.4)
    nokogiri (1.13.4-x86-mingw32)
      racc (~> 1.4)
    racc (1.6.0)
    signalwire (2.1.2)
      concurrent-ruby (~> 1.1.5)
      faye-websocket (~> 0.10.9)
      has-guarded-handlers (~> 1.6.3)
      logger (~> 1.3.0)
      twilio-ruby (~> 5.0)
    twilio-ruby (5.25.3)
      faraday (~> 0.9)
      jwt (>= 1.5, <= 2.5)
      nokogiri (>= 1.6, < 2.0)
    webrick (1.4.2)
    websocket-driver (0.7.1)
      websocket-extensions (>= 0.1.0)
    websocket-extensions (0.1.4)

PLATFORMS
  ruby
  x86-mingw32

DEPENDENCIES
  localtunnel
  signalwire
  webrick

BUNDLED WITH
   2.0.2
